GEM
  remote: https://rubygems.org/
  specs:
    awesome_print (1.8.0)
    dotenv (2.7.5)
    faraday (1.0.0)
      multipart-post (>= 1.2, < 3)
    logger (1.4.2)
    multipart-post (2.1.1)
    oj (3.10.5)
    togglv8 (1.2.1)
      faraday
      logger
      oj

PLATFORMS
  ruby

DEPENDENCIES
  awesome_print
  dotenv
  togglv8

RUBY VERSION
   ruby 2.6.5p114

BUNDLED WITH
   2.0.2
