GIT
  remote: https://github.com/ErebusBat/togglv8
  revision: b955d64a76810505b57ca5e466c91222124d25cd
  branch: fix-deprecation
  specs:
    togglv8 (1.2.1)
      faraday
      logger
      oj

GEM
  remote: https://rubygems.org/
  specs:
    awesome_print (1.8.0)
    dotenv (2.7.5)
    faraday (1.4.2)
      faraday-em_http (~> 1.0)
      faraday-em_synchrony (~> 1.0)
      faraday-excon (~> 1.1)
      faraday-net_http (~> 1.0)
      faraday-net_http_persistent (~> 1.1)
      multipart-post (>= 1.2, < 3)
      ruby2_keywords (>= 0.0.4)
    faraday-em_http (1.0.0)
    faraday-em_synchrony (1.0.0)
    faraday-excon (1.1.0)
    faraday-net_http (1.0.1)
    faraday-net_http_persistent (1.1.0)
    logger (1.4.3)
    multipart-post (2.1.1)
    oj (3.11.5)
    ruby2_keywords (0.0.4)

PLATFORMS
  ruby

DEPENDENCIES
  awesome_print
  dotenv
  togglv8!

RUBY VERSION
   ruby 2.6.5p114

BUNDLED WITH
   2.0.2
